GEM
  remote: https://rubygems.org/
  specs:
    ethon (0.7.2)
      ffi (>= 1.3.0)
    ffi (1.9.6)
    mini_portile (0.6.2)
    nokogiri (1.6.6.2)
      mini_portile (~> 0.6.0)
    typhoeus (0.7.1)
      ethon (>= 0.7.1)

PLATFORMS
  ruby

DEPENDENCIES
  nokogiri
  typhoeus
